GEM
  remote: https://rubygems.org/
  specs:
    activesupport (7.0.7.1)
      concurrent-ruby (~> 1.0, >= 1.0.2)
      i18n (>= 1.6, < 2)
      minitest (>= 5.1)
      tzinfo (~> 2.0)
    addressable (2.8.1)
      public_suffix (>= 2.0.2, < 6.0)
    amatch (0.4.1)
      mize
      tins (~> 1.0)
    ast (2.4.2)
    coderay (1.1.3)
    colorize (0.8.1)
    concurrent-ruby (1.2.2)
    crack (0.4.5)
      rexml
    diff-lcs (1.5.0)
    domain_name (0.5.20190701)
      unf (>= 0.0.5, < 1.0.0)
    factory_bot (6.2.1)
      activesupport (>= 5.0.0)
    faker (2.23.0)
      i18n (>= 1.8.11, < 2)
    ffi (1.15.5)
    fuzzy_match (2.1.0)
    hashdiff (1.0.1)
    http-accept (1.7.0)
    http-cookie (1.0.5)
      domain_name (~> 0.5)
    i18n (1.14.1)
      concurrent-ruby (~> 1.0)
    id3tag (1.1.0)
    json (2.6.3)
    levenshtein-ffi (1.1.0)
      ffi (~> 1.9)
    method_source (1.0.0)
    mime-types (3.4.1)
      mime-types-data (~> 3.2015)
    mime-types-data (3.2022.0105)
    minitest (5.20.0)
    mize (0.4.1)
      protocol (~> 2.0)
    netrc (0.11.0)
    oj (3.14.2)
    parallel (1.22.1)
    parser (3.2.1.0)
      ast (~> 2.4.1)
    protocol (2.0.0)
      ruby_parser (~> 3.0)
    pry (0.14.2)
      coderay (~> 1.1)
      method_source (~> 1.0)
    public_suffix (5.0.1)
    rainbow (3.1.1)
    regexp_parser (2.7.0)
    rest-client (2.1.0)
      http-accept (>= 1.7.0, < 2.0)
      http-cookie (>= 1.0.2, < 2.0)
      mime-types (>= 1.16, < 4.0)
      netrc (~> 0.8)
    rexml (3.2.5)
    rspec (3.12.0)
      rspec-core (~> 3.12.0)
      rspec-expectations (~> 3.12.0)
      rspec-mocks (~> 3.12.0)
    rspec-core (3.12.1)
      rspec-support (~> 3.12.0)
    rspec-expectations (3.12.2)
      diff-lcs (>= 1.2.0, < 2.0)
      rspec-support (~> 3.12.0)
    rspec-mocks (3.12.3)
      diff-lcs (>= 1.2.0, < 2.0)
      rspec-support (~> 3.12.0)
    rspec-support (3.12.0)
    rubocop (1.45.1)
      json (~> 2.3)
      parallel (~> 1.10)
      parser (>= 3.2.0.0)
      rainbow (>= 2.2.2, < 4.0)
      regexp_parser (>= 1.8, < 3.0)
      rexml (>= 3.2.5, < 4.0)
      rubocop-ast (>= 1.24.1, < 2.0)
      ruby-progressbar (~> 1.7)
      unicode-display_width (>= 2.4.0, < 3.0)
    rubocop-ast (1.26.0)
      parser (>= 3.2.1.0)
    ruby-progressbar (1.11.0)
    ruby_parser (3.19.2)
      sexp_processor (~> 4.16)
    sexp_processor (4.16.1)
    sync (0.5.0)
    tins (1.32.1)
      sync
    tzinfo (2.0.6)
      concurrent-ruby (~> 1.0)
    unf (0.1.4)
      unf_ext
    unf_ext (0.0.8.2)
    unicode-display_width (2.4.2)
    vcr (6.1.0)
    webmock (3.18.1)
      addressable (>= 2.8.0)
      crack (>= 0.3.2)
      hashdiff (>= 0.4.0, < 2.0.0)

PLATFORMS
  arm64-darwin-23
  x86_64-darwin-20
  x86_64-darwin-22
  x86_64-linux

DEPENDENCIES
  activesupport
  amatch (~> 0.4.0)
  colorize (~> 0.8.1)
  factory_bot (~> 6.2)
  faker (~> 2.18)
  fuzzy_match (~> 2.1)
  id3tag (~> 1.1)
  levenshtein-ffi (~> 1.1)
  oj (~> 3.3, >= 3.3.5)
  pry (~> 0.14.1)
  rest-client (~> 2.1)
  rspec (~> 3.10)
  rubocop (~> 1.17)
  vcr (~> 6.0)
  webmock (~> 3.13)

BUNDLED WITH
   2.3.7
